GEM
  remote: http://rubygems.org/
  specs:
    activesupport (3.0.9)
    coderay (1.1.2)
    faker (1.8.4)
      i18n (~> 0.5)
    haml (3.1.2)
    hpricot (0.8.4)
    i18n (0.8.6)
    maruku (0.6.0)
      syntax (>= 1.0.0)
    method_source (0.9.0)
    pry (0.11.3)
      coderay (~> 1.1.0)
      method_source (~> 0.9.0)
    pry-doc (0.11.1)
      pry (~> 0.9)
      yard (~> 0.9)
    rack (1.3.2)
    sass (3.4.24)
    shotgun (0.9.2)
      rack (>= 1.0)
    sinatra (1.2.6)
      rack (~> 1.1)
      tilt (>= 1.2.2, < 2.0)
    syntax (1.0.0)
    tilt (1.3.2)
    yard (0.9.9)

PLATFORMS
  ruby

DEPENDENCIES
  activesupport (~> 3.0.9)
  faker
  haml (~> 3.1.2)
  hpricot
  maruku (~> 0.6.0)
  pry
  pry-doc
  rack (~> 1.3.2)
  sass
  shotgun
  sinatra (~> 1.2.6)

BUNDLED WITH
   1.16.0
