GEM
  remote: http://rubygems.org/
  specs:
    activesupport (3.0.9)
    faker (0.9.5)
      i18n (~> 0.4)
    haml (3.1.2)
    i18n (0.6.0)
    maruku (0.6.0)
      syntax (>= 1.0.0)
    rack (1.3.2)
    sass (3.1.7)
    sinatra (1.2.6)
      rack (~> 1.1)
      tilt (< 2.0, >= 1.2.2)
    syntax (1.0.0)
    tilt (1.3.2)

PLATFORMS
  ruby

DEPENDENCIES
  activesupport (~> 3.0.9)
  faker (~> 0.9.5)
  haml (~> 3.1.2)
  maruku (~> 0.6.0)
  rack (~> 1.3.2)
  sass (~> 3.1.5)
  sinatra (~> 1.2.6)
